PATH
  remote: .
  specs:
    resty (0.5.0)
      json (~> 1)
      rest-client (~> 1.6)

GEM
  remote: http://rubygems.org/
  specs:
    autotest-standalone (4.5.8)
    diff-lcs (1.1.3)
    json (1.6.1)
    mime-types (1.17.2)
    rack (1.3.5)
    rake (0.8.7)
    rest-client (1.6.7)
      mime-types (>= 1.16)
    rspec (2.6.0)
      rspec-core (~> 2.6.0)
      rspec-expectations (~> 2.6.0)
      rspec-mocks (~> 2.6.0)
    rspec-core (2.6.4)
    rspec-expectations (2.6.0)
      diff-lcs (~> 1.1.2)
    rspec-mocks (2.6.0)
    sham_rack (1.3.3)
      rack

PLATFORMS
  ruby

DEPENDENCIES
  autotest-standalone
  rake
  resty!
  rspec (~> 2.6.0)
  sham_rack
